GEM
  remote: https://rubygems.org/
  specs:
    asciidoctor (2.0.17)
    rouge (3.29.0)

PLATFORMS
  x86_64-darwin-21

DEPENDENCIES
  asciidoctor
  rouge

BUNDLED WITH
   2.3.7
